PATH
  remote: .
  specs:
    truemail-rspec (0.1.0)
      rspec (~> 3.0)
      truemail (~> 1.4, >= 1.4.1)

GEM
  remote: https://rubygems.org/
  specs:
    ast (2.4.0)
    axiom-types (0.1.1)
      descendants_tracker (~> 0.0.4)
      ice_nine (~> 0.11.0)
      thread_safe (~> 0.3, >= 0.3.1)
    bundler-audit (0.6.1)
      bundler (>= 1.2.0, < 3)
      thor (~> 0.18)
    byebug (11.0.1)
    childprocess (3.0.0)
    codeclimate-engine-rb (0.4.1)
      virtus (~> 1.0)
    coderay (1.1.2)
    coercible (1.0.0)
      descendants_tracker (~> 0.0.1)
    colorize (0.8.1)
    descendants_tracker (0.0.4)
      thread_safe (~> 0.3, >= 0.3.1)
    diff-lcs (1.3)
    docile (1.3.2)
    equalizer (0.0.11)
    fasterer (0.8.0)
      colorize (~> 0.7)
      ruby_parser (>= 3.14.1)
    ffaker (2.13.0)
    ice_nine (0.11.2)
    iniparse (1.4.4)
    jaro_winkler (1.5.4)
    json (2.2.0)
    kwalify (0.7.2)
    method_source (0.9.2)
    overcommit (0.51.0)
      childprocess (>= 0.6.3, < 4)
      iniparse (~> 1.4)
    parallel (1.19.0)
    parser (2.6.5.0)
      ast (~> 2.4.0)
    pry (0.12.2)
      coderay (~> 1.1.0)
      method_source (~> 0.9.0)
    pry-byebug (3.7.0)
      byebug (~> 11.0)
      pry (~> 0.10)
    psych (3.1.0)
    rainbow (3.0.0)
    rake (13.0.1)
    reek (5.5.0)
      codeclimate-engine-rb (~> 0.4.0)
      kwalify (~> 0.7.0)
      parser (>= 2.5.0.0, < 2.7, != 2.5.1.1)
      psych (~> 3.1.0)
      rainbow (>= 2.0, < 4.0)
    rspec (3.9.0)
      rspec-core (~> 3.9.0)
      rspec-expectations (~> 3.9.0)
      rspec-mocks (~> 3.9.0)
    rspec-core (3.9.0)
      rspec-support (~> 3.9.0)
    rspec-expectations (3.9.0)
      diff-lcs (>= 1.2.0, < 2.0)
      rspec-support (~> 3.9.0)
    rspec-mocks (3.9.0)
      diff-lcs (>= 1.2.0, < 2.0)
      rspec-support (~> 3.9.0)
    rspec-support (3.9.0)
    rubocop (0.76.0)
      jaro_winkler (~> 1.5.1)
      parallel (~> 1.10)
      parser (>= 2.6)
      rainbow (>= 2.2.2, < 4.0)
      ruby-progressbar (~> 1.7)
      unicode-display_width (>= 1.4.0, < 1.7)
    rubocop-rspec (1.36.0)
      rubocop (>= 0.68.1)
    ruby-progressbar (1.10.1)
    ruby_parser (3.14.1)
      sexp_processor (~> 4.9)
    sexp_processor (4.13.0)
    simplecov (0.17.1)
      docile (~> 1.1)
      json (>= 1.8, < 3)
      simplecov-html (~> 0.10.0)
    simplecov-html (0.10.2)
    thor (0.20.3)
    thread_safe (0.3.6)
    truemail (1.4.1)
    unicode-display_width (1.6.0)
    virtus (1.0.5)
      axiom-types (~> 0.1)
      coercible (~> 1.0)
      descendants_tracker (~> 0.0, >= 0.0.3)
      equalizer (~> 0.0, >= 0.0.9)

PLATFORMS
  ruby

DEPENDENCIES
  bundler (~> 1.16)
  bundler-audit (~> 0.6.1)
  fasterer (~> 0.8.0)
  ffaker (~> 2.13)
  overcommit (~> 0.51.0)
  pry-byebug (~> 3.7)
  rake (~> 13.0, >= 13.0.1)
  reek (~> 5.5)
  rspec (~> 3.9)
  rubocop (~> 0.76.0)
  rubocop-rspec (~> 1.36)
  simplecov (~> 0.17.1)
  truemail-rspec!

BUNDLED WITH
   1.16.6
